GEM
  remote: http://rubygems.org/
  specs:
    diff-lcs (1.2.5)
    directory_watcher (1.5.1)
    escape_utils (1.0.0)
    parallel (1.6.1)
    polyglot (0.3.5)
    rspec (3.2.0)
      rspec-core (~> 3.2.0)
      rspec-expectations (~> 3.2.0)
      rspec-mocks (~> 3.2.0)
    rspec-core (3.2.3)
      rspec-support (~> 3.2.0)
    rspec-expectations (3.2.1)
      diff-lcs (>= 1.2.0, < 2.0)
      rspec-support (~> 3.2.0)
    rspec-mocks (3.2.1)
      diff-lcs (>= 1.2.0, < 2.0)
      rspec-support (~> 3.2.0)
    rspec-support (3.2.2)
    ruby-progressbar (1.7.5)
    thor (0.19.1)
    treetop (1.6.2)
      polyglot (~> 0.3)

PLATFORMS
  ruby

DEPENDENCIES
  diff-lcs (= 1.2.5)
  directory_watcher (= 1.5.1)
  escape_utils (= 1.0.0)
  parallel (= 1.6.1)
  rspec (= 3.2.0)
  ruby-progressbar (= 1.7.5)
  thor (= 0.19.1)
  treetop (= 1.6.2)
